NUGET
  remote: https://nuget.org/api/v2
  specs:
    FAKE (3.11.4)
    FsCheck (1.0.3)
    FsCheck.Xunit (1.0.3)
      FsCheck (>= 1.0.3)
      xunit (>= 1.9.2)
    FSharp.Charting (0.90.8)
    FSharp.Compiler.Service (0.0.67)
    FSharp.Formatting (2.4.36)
      FSharp.Compiler.Service (0.0.67)
      Microsoft.AspNet.Razor (2.0.30506.0)
      RazorEngine (3.3.0)
    FsLinqFixed (2.1.1)
    FSPowerPack.Community (3.0.0)
      FSPowerPack.Linq.Community (>= 0)
      FSPowerPack.Metadata.Community (>= 0)
      FSPowerPack.Parallel.Seq.Community (>= 0)
    FSPowerPack.Core.Community (3.0.0)
    FSPowerPack.Linq.Community (3.0.0)
      FSPowerPack.Core.Community (>= 0)
    FSPowerPack.Metadata.Community (3.0.0)
      FSPowerPack.Core.Community (>= 0)
    FSPowerPack.Parallel.Seq.Community (3.0.0)
      FSPowerPack.Core.Community (>= 0)
    Microsoft.AspNet.Razor (2.0.30506.0)
    Microsoft.Bcl (1.1.9)
      Microsoft.Bcl.Build (>= 1.0.14)
    Microsoft.Bcl.Build (1.0.21)
    Microsoft.Net.Http (2.2.28)
      Microsoft.Bcl (>= 1.1.9)
      Microsoft.Bcl.Build (>= 1.0.14)
    NuGet.CommandLine (2.8.3)
    NUnit (2.6.3)
    NUnit.Runners (2.6.3)
    Octokit (0.6.0)
      Microsoft.Net.Http (>= 0)
    RazorEngine (3.3.0)
      Microsoft.AspNet.Razor (>= 2.0.30506.0)
    SourceLink.Fake (0.4.2)
    xunit (1.9.2)
    xunit.runners (1.9.2)
GITHUB
  remote: fsharp/FAKE
  specs:
    modules/Octokit/Octokit.fsx (6e8b0162eb63e1a0a925a7b833ff0777057f6b2a)
      Octokit (>= 0)